GEM
  remote: http://rubygems.org/
  specs:
    addressable (2.3.2)
    crack (0.3.1)
    diff-lcs (1.1.3)
    domain_name (0.5.4)
      unf (~> 0.0.3)
    facter (1.6.18)
    json (1.7.7)
    librarian-puppet (0.9.8)
      json
      thor (~> 0.15)
    mechanize (2.5.1)
      domain_name (~> 0.5, >= 0.5.1)
      mime-types (~> 1.17, >= 1.17.2)
      net-http-digest_auth (~> 1.1, >= 1.1.1)
      net-http-persistent (~> 2.5, >= 2.5.2)
      nokogiri (~> 1.4)
      ntlm-http (~> 0.1, >= 0.1.1)
      webrobots (~> 0.0, >= 0.0.9)
    mime-types (1.19)
    net-http-digest_auth (1.2.1)
    net-http-persistent (2.7)
    nokogiri (1.5.5)
    ntlm-http (0.1.1)
    parallel (0.5.19)
    parallel_tests (0.8.14)
      parallel
    puppet (2.7.19)
      facter (~> 1.5)
    puppet-lint (0.3.2)
    rake (0.9.2.2)
    rspec (2.11.0)
      rspec-core (~> 2.11.0)
      rspec-expectations (~> 2.11.0)
      rspec-mocks (~> 2.11.0)
    rspec-core (2.11.1)
    rspec-expectations (2.11.3)
      diff-lcs (~> 1.1.3)
    rspec-mocks (2.11.3)
    rspec-puppet (0.1.4)
      rspec
    spidey (0.0.4)
      mechanize
    thor (0.18.1)
    unf (0.0.5)
      unf_ext
    unf_ext (0.0.5)
    webmock (1.9.0)
      addressable (>= 2.2.7)
      crack (>= 0.1.7)
    webrobots (0.0.13)

PLATFORMS
  ruby

DEPENDENCIES
  librarian-puppet
  mechanize
  parallel
  parallel_tests
  puppet (= 2.7.19)
  puppet-lint
  rake
  rspec-puppet
  spidey
  webmock
