GEM
  remote: https://rubygems.org/
  specs:
    diff-lcs (1.1.3)
    facter (1.7.2)
    hiera (1.2.1)
      json_pure
    highline (1.6.19)
    json (1.8.0)
    json_pure (1.8.0)
    librarian (0.1.1)
      highline
      thor (~> 0.15)
    librarian-puppet-maestrodev (0.9.10.1)
      json
      librarian (>= 0.1.1)
    metaclass (0.0.1)
    mocha (0.14.0)
      metaclass (~> 0.0.1)
    parallel (0.5.19)
    parallel_tests (0.8.14)
      parallel
    puppet (3.2.2)
      facter (~> 1.6)
      hiera (~> 1.0)
      rgen (~> 0.6)
    puppet-lint (0.3.2)
    puppet-syntax (1.0.0)
      puppet (>= 2.7.0)
      rake
    puppetlabs_spec_helper (0.4.1)
      mocha (>= 0.10.5)
      rake
      rspec (>= 2.9.0)
      rspec-puppet (>= 0.1.1)
    rake (0.9.2.2)
    rgen (0.6.5)
    rspec (2.12.0)
      rspec-core (~> 2.12.0)
      rspec-expectations (~> 2.12.0)
      rspec-mocks (~> 2.12.0)
    rspec-core (2.12.2)
    rspec-expectations (2.12.1)
      diff-lcs (~> 1.1.3)
    rspec-mocks (2.12.1)
    rspec-puppet (0.1.5)
      rspec
    thor (0.18.1)

PLATFORMS
  ruby

DEPENDENCIES
  librarian-puppet-maestrodev
  parallel
  parallel_tests
  puppet (= 3.2.2)
  puppet-lint
  puppet-syntax
  puppetlabs_spec_helper
  rake
  rspec-puppet
