GIT
  remote: git://github.com/alphagov/hiera-puppet-helper.git
  revision: d846d956dc456b8324f6d11fba5ca6959ce38cbf
  branch: v1.0.1-empty-hash-cherrypick
  specs:
    hiera-puppet-helper (1.0.1)

GEM
  remote: https://rubygems.org/
  specs:
    diff-lcs (1.2.5)
    facter (1.7.3)
    hiera (1.3.0)
      json_pure
    highline (1.6.19)
    json (1.8.0)
    json_pure (1.8.1)
    librarian (0.1.2)
      highline
      thor (~> 0.15)
    librarian-puppet (0.9.13)
      json
      librarian (>= 0.1.2)
    metaclass (0.0.1)
    mocha (0.14.0)
      metaclass (~> 0.0.1)
    parallel (0.5.19)
    parallel_tests (0.8.14)
      parallel
    puppet (3.2.2)
      facter (~> 1.6)
      hiera (~> 1.0)
      rgen (~> 0.6)
    puppet-lint (0.3.2)
    puppet-syntax (1.1.1)
      puppet (>= 2.7.0)
      rake
    puppetlabs_spec_helper (0.4.1)
      mocha (>= 0.10.5)
      rake
      rspec (>= 2.9.0)
      rspec-puppet (>= 0.1.1)
    rake (10.1.0)
    rgen (0.6.6)
    rspec (2.14.1)
      rspec-core (~> 2.14.0)
      rspec-expectations (~> 2.14.0)
      rspec-mocks (~> 2.14.0)
    rspec-core (2.14.7)
    rspec-expectations (2.14.4)
      diff-lcs (>= 1.1.3, < 2.0)
    rspec-mocks (2.14.4)
    rspec-puppet (1.0.1)
      rspec
    thor (0.18.1)

PLATFORMS
  ruby

DEPENDENCIES
  hiera-puppet-helper!
  librarian-puppet
  parallel
  parallel_tests
  puppet (= 3.2.2)
  puppet-lint
  puppet-syntax
  puppetlabs_spec_helper
  rake
  rspec-puppet
