GEM
  remote: http://rubygems.org/
  specs:
    facter (1.6.5)
    puppet (2.7.3)
      facter (>= 1.5.1)
    puppet-lint (0.1.12)
    rake (0.9.2.2)

PLATFORMS
  ruby

DEPENDENCIES
  puppet (= 2.7.3)
  puppet-lint
  rake
