GIT
  remote: git://github.com/alphagov/hiera-eyaml-gpg.git
  revision: b10d8a890a4aff78b90e4662fe1e2d5b1690937b
  branch: avoid_gpghome_env_var
  specs:
    hiera-eyaml-gpg (0.4)
      gpgme (>= 2.0.0)
      hiera-eyaml (>= 1.3.8)

GIT
  remote: git://github.com/bobtfish/hiera-puppet-helper.git
  revision: 2853187c6553ee292793292c852a9e57c58da167
  specs:
    hiera-puppet-helper (2.0.1)

GEM
  remote: https://rubygems.org/
  specs:
    CFPropertyList (2.2.8)
    activemodel (4.1.8)
      activesupport (= 4.1.8)
      builder (~> 3.1)
    activesupport (4.1.8)
      i18n (~> 0.6, >= 0.6.9)
      json (~> 1.7, >= 1.7.7)
      minitest (~> 5.1)
      thread_safe (~> 0.1)
      tzinfo (~> 1.1)
    addressable (2.3.7)
    builder (3.2.2)
    crack (0.4.2)
      safe_yaml (~> 1.0.0)
    diff-lcs (1.2.5)
    facter (2.2.0)
      CFPropertyList (~> 2.2.6)
    faraday (0.9.0)
      multipart-post (>= 1.2, < 3)
    gpgme (2.0.8)
      mini_portile (>= 0.5.0)
    her (0.7.2)
      activemodel (>= 3.0.0, < 4.2)
      activesupport (>= 3.0.0, < 4.2)
      faraday (>= 0.8, < 1.0)
      multi_json (~> 1.7)
    hiera (1.3.4)
      json_pure
    hiera-eyaml (2.0.7)
      highline (~> 1.6.19)
      trollop (~> 2.0)
    highline (1.6.21)
    i18n (0.6.11)
    json (1.8.1)
    json_pure (1.8.1)
    librarian (0.1.2)
      highline
      thor (~> 0.15)
    librarian-puppet (2.0.0)
      librarian (>= 0.1.2)
      puppet_forge
      rsync
    metaclass (0.0.1)
    mini_portile (0.6.2)
    minitest (5.4.3)
    mocha (0.14.0)
      metaclass (~> 0.0.1)
    multi_json (1.10.1)
    multipart-post (2.0.0)
    parallel (0.5.19)
    parallel_tests (0.8.14)
      parallel
    puppet (3.6.2)
      facter (> 1.6, < 3)
      hiera (~> 1.0)
      json_pure
      rgen (~> 0.6.5)
    puppet-lint (1.0.1)
    puppet-syntax (1.1.1)
      puppet (>= 2.7.0)
      rake
    puppet_forge (1.0.3)
      her (~> 0.6)
    puppetlabs_spec_helper (0.4.1)
      mocha (>= 0.10.5)
      rake
      rspec (>= 2.9.0)
      rspec-puppet (>= 0.1.1)
    rake (10.1.0)
    rgen (0.6.6)
    rspec (2.14.1)
      rspec-core (~> 2.14.0)
      rspec-expectations (~> 2.14.0)
      rspec-mocks (~> 2.14.0)
    rspec-core (2.14.7)
    rspec-expectations (2.14.4)
      diff-lcs (>= 1.1.3, < 2.0)
    rspec-mocks (2.14.4)
    rspec-puppet (1.0.1)
      rspec
    rsync (1.0.9)
    safe_yaml (1.0.4)
    thor (0.19.1)
    thread_safe (0.3.4)
    trollop (2.1.2)
    tzinfo (1.2.2)
      thread_safe (~> 0.1)
    webmock (1.20.4)
      addressable (>= 2.3.6)
      crack (>= 0.3.2)

PLATFORMS
  ruby

DEPENDENCIES
  hiera (= 1.3.4)
  hiera-eyaml-gpg!
  hiera-puppet-helper!
  librarian-puppet
  parallel
  parallel_tests
  puppet (~> 3.6.0)
  puppet-lint
  puppet-syntax
  puppetlabs_spec_helper
  rake
  rspec-puppet
  webmock (~> 1.20.0)
