GEM
  remote: http://rubygems.org/
  specs:
    diff-lcs (1.1.3)
    facter (1.6.10)
    kwalify (0.7.2)
    parallel (0.5.19)
    parallel_tests (0.8.14)
      parallel
    puppet (2.7.3)
      facter (>= 1.5.1)
    puppet-lint (0.3.2)
    rake (0.9.2.2)
    rspec (2.11.0)
      rspec-core (~> 2.11.0)
      rspec-expectations (~> 2.11.0)
      rspec-mocks (~> 2.11.0)
    rspec-core (2.11.1)
    rspec-expectations (2.11.3)
      diff-lcs (~> 1.1.3)
    rspec-mocks (2.11.3)
    rspec-puppet (0.1.4)
      rspec

PLATFORMS
  ruby

DEPENDENCIES
  kwalify
  parallel
  parallel_tests
  puppet (= 2.7.3)
  puppet-lint
  rake
  rspec-puppet
