GEM
  remote: https://rubygems.org/
  specs:
    bowler (0.0.3)
      foreman
    foreman (0.27.0)
      term-ansicolor (~> 1.0.5)
      thor (>= 0.13.6)
    term-ansicolor (1.0.7)
    thor (0.18.1)

PLATFORMS
  ruby

DEPENDENCIES
  bowler
  foreman (= 0.27.0)
