GEM
  remote: https://rubygems.org/
  specs:
    bowler (1.0.0)
      foreman (>= 0.35.0)
    dotenv (0.9.0)
    es_dump_restore (0.0.7)
      httpclient
      multi_json
      progress_bar
      rubyzip (>= 1.0.0)
      thor
    fattr (2.2.1)
    foreman (0.63.0)
      dotenv (>= 0.7)
      thor (>= 0.13.6)
    highline (1.6.20)
    httpclient (2.3.4.1)
    multi_json (1.8.4)
    options (2.3.0)
      fattr
    progress_bar (1.0.0)
      highline (~> 1.6.1)
      options (~> 2.3.0)
    rubyzip (1.1.5)
    thor (0.18.1)

PLATFORMS
  ruby

DEPENDENCIES
  bowler (= 1.0.0)
  es_dump_restore (~> 0.0.7)
  foreman (= 0.63.0)
  rubyzip (>= 1.1.5)
