GEM
  remote: https://rubygems.org/
  specs:
    es_dump_restore (0.0.3)
      httpclient
      multi_json
      progress_bar
      rubyzip
      thor
    fattr (2.2.1)
    highline (1.6.19)
    httpclient (2.3.4.1)
    multi_json (1.8.4)
    options (2.3.0)
      fattr
    progress_bar (1.0.0)
      highline (~> 1.6.1)
      options (~> 2.3.0)
    rubyzip (0.9.9)
    thor (0.18.1)

PLATFORMS
  ruby

DEPENDENCIES
  es_dump_restore (= 0.0.3)
  rubyzip (= 0.9.9)
